GEM
  remote: https://rubygems.org/
  specs:
    colorize (0.8.1)
    httparty (0.18.1)
      mime-types (~> 3.0)
      multi_xml (>= 0.5.2)
    mime-types (3.3.1)
      mime-types-data (~> 3.2015)
    mime-types-data (3.2021.0225)
    multi_xml (0.6.0)
    rake (13.0.3)

PLATFORMS
  x86_64-darwin-20

DEPENDENCIES
  colorize
  httparty
  rake

BUNDLED WITH
   2.2.3
